PATH
  remote: .
  specs:
    taps (0.3.24)
      rack (>= 1.0.1)
      rest-client (>= 1.4.0, < 1.7.0)
      sequel (~> 3.20.0)
      sinatra (~> 1.0.0)

GEM
  remote: https://ruby.taobao.org/
  specs:
    activesupport (4.2.1)
      i18n (~> 0.7)
      json (~> 1.7, >= 1.7.7)
      minitest (~> 5.1)
      thread_safe (~> 0.3, >= 0.3.4)
      tzinfo (~> 1.1)
    bacon (1.2.0)
    builder (3.2.2)
    daemons (1.2.2)
    docile (1.1.5)
    eventmachine (1.0.7)
    extlib (0.9.15)
    hoptoad_notifier (2.4.11)
      activesupport
      builder
    i18n (0.7.0)
    json (1.8.2)
    metaclass (0.0.4)
    mime-types (1.25.1)
    minitest (5.6.1)
    mocha (1.1.0)
      metaclass (~> 0.0.1)
    mysql (2.8.1)
    mysql (2.8.1-x86-mingw32)
    mysql2 (0.2.6)
    mysql2 (0.2.6-x86-mingw32)
    pg (0.9.0)
    pg (0.9.0-x86-mingw32)
    rack (1.6.1)
    rack-test (0.6.3)
      rack (>= 1.0)
    rake (10.4.2)
    rdoc (4.2.0)
      json (~> 1.4)
    rest-client (1.6.8)
      mime-types (~> 1.16)
      rdoc (>= 2.4.2)
    sequel (3.20.0)
    simplecov (0.10.0)
      docile (~> 1.1.0)
      json (~> 1.8)
      simplecov-html (~> 0.10.0)
    simplecov-html (0.10.0)
    simplecov-rcov (0.2.3)
      simplecov (>= 0.4.1)
    sinatra (1.0)
      rack (>= 1.0)
    sqlite3 (1.3.10)
    sqlite3 (1.3.10-x86-mingw32)
    thin (1.6.3)
      daemons (~> 1.0, >= 1.0.9)
      eventmachine (~> 1.0)
      rack (~> 1.0)
    thread_safe (0.3.5)
    tzinfo (1.2.2)
      thread_safe (~> 0.1)

PLATFORMS
  ruby
  x86-mingw32

DEPENDENCIES
  bacon
  extlib (= 0.9.15)
  hoptoad_notifier
  mocha
  mysql (= 2.8.1)
  mysql2 (= 0.2.6)
  pg (= 0.9.0)
  rack-test
  rake
  simplecov-rcov
  sqlite3 (~> 1.2)
  taps!
  thin (> 1.2.0)
